GEM
  remote: http://rubygems.org/
  specs:
    Ascii85 (1.0.2)
    actionmailer (2.3.12)
      actionpack (= 2.3.12)
    actionpack (2.3.12)
      activesupport (= 2.3.12)
      rack (~> 1.1.0)
    activerecord (2.3.12)
      activesupport (= 2.3.12)
    activeresource (2.3.12)
      activesupport (= 2.3.12)
    activesupport (2.3.12)
    afm (0.2.0)
    capistrano (2.5.18)
      highline
      net-scp (>= 1.0.0)
      net-sftp (>= 2.0.0)
      net-ssh (>= 2.0.14)
      net-ssh-gateway (>= 1.0.0)
    coderay (1.0.9)
    columnize (0.3.6)
    composite_primary_keys (2.3.5.1)
      activerecord (>= 2.3.5)
    daemon_controller (1.1.2)
    daemons (1.1.9)
    debugger (1.5.0)
      columnize (>= 0.3.1)
      debugger-linecache (~> 1.2.0)
      debugger-ruby_core_source (~> 1.2.0)
    debugger-linecache (1.2.0)
    debugger-ruby_core_source (1.2.0)
    eventmachine (1.0.3)
    factory_girl (2.0.5)
    fastthread (1.0.7)
    hashery (2.1.0)
    highline (1.6.18)
    ibm_db (2.5.11)
      activerecord (>= 1.15.1)
    json (1.7.7)
    method_source (0.8.1)
    net-ldap (0.3.1)
    net-scp (1.1.0)
      net-ssh (>= 2.6.5)
    net-sftp (2.1.1)
      net-ssh (>= 2.6.5)
    net-ssh (2.6.7)
    net-ssh-gateway (1.2.0)
      net-ssh (>= 2.6.5)
    passenger (3.0.19)
      daemon_controller (>= 1.0.0)
      fastthread (>= 1.0.1)
      rack
      rake (>= 0.8.1)
    pdf-reader (1.3.3)
      Ascii85 (~> 1.0.0)
      afm (~> 0.2.0)
      hashery (~> 2.0)
      ruby-rc4
      ttfunk
    pdfkit (0.5.3)
    pry (0.9.12.1)
      coderay (~> 1.0.5)
      method_source (~> 0.8)
      slop (~> 3.4)
    rack (1.1.6)
    rails (2.3.12)
      actionmailer (= 2.3.12)
      actionpack (= 2.3.12)
      activerecord (= 2.3.12)
      activeresource (= 2.3.12)
      activesupport (= 2.3.12)
      rake (>= 0.8.3)
    rake (0.9.2.2)
    rdoc (4.0.1)
      json (~> 1.4)
    repeated_auto_complete (0.1.3)
    rspec (1.3.2)
    rspec-rails (1.3.4)
      rack (>= 1.0.0)
      rspec (~> 1.3.1)
    ruby-rc4 (0.1.5)
    rubyzip (0.9.9)
    sequel (3.46.0)
    slop (3.4.4)
    test-unit (2.5.4)
    thin (1.5.1)
      daemons (>= 1.0.9)
      eventmachine (>= 0.12.6)
      rack (>= 1.0.0)
    timecop (0.6.1)
    ttfunk (1.0.3)
    weekdays (1.0)
    will_paginate (2.3.12)

PLATFORMS
  ruby

DEPENDENCIES
  Ascii85
  capistrano (= 2.5.18)
  composite_primary_keys
  debugger
  factory_girl (~> 2.0.0)
  ibm_db
  net-ldap
  net-scp
  net-sftp
  net-ssh
  net-ssh-gateway
  passenger
  pdf-reader
  pdfkit
  pry
  rack
  rails (= 2.3.12)
  rake (= 0.9.2.2)
  rdoc
  repeated_auto_complete
  rspec (= 1.3.2)
  rspec-rails (= 1.3.4)
  rubyzip
  sequel
  test-unit
  thin
  timecop
  weekdays (= 1.0)
  will_paginate (= 2.3.12)
